GEM
  remote: https://rubygems.org/
  specs:
    apollo-federation (1.1.5)
      google-protobuf (~> 3.7)
      graphql (>= 1.9.8)
    google-protobuf (3.17.3)
    google-protobuf (3.17.3-universal-darwin)
    graphql (1.12.12)
    multi_json (1.15.0)
    mustermann (1.1.1)
      ruby2_keywords (~> 0.0.1)
    nio4r (2.5.7)
    puma (5.3.2)
      nio4r (~> 2.0)
    rack (2.2.3)
    rack-contrib (2.3.0)
      rack (~> 2.0)
    rack-protection (2.1.0)
      rack
    rake (13.0.3)
    ruby2_keywords (0.0.4)
    sinatra (2.1.0)
      mustermann (~> 1.0)
      rack (~> 2.2)
      rack-protection (= 2.1.0)
      tilt (~> 2.0)
    sinatra-contrib (2.1.0)
      multi_json
      mustermann (~> 1.0)
      rack-protection (= 2.1.0)
      sinatra (= 2.1.0)
      tilt (~> 2.0)
    tilt (2.0.10)
    zeitwerk (2.4.2)

PLATFORMS
  ruby
  x86_64-darwin-20

DEPENDENCIES
  apollo-federation
  graphql
  puma
  rack-contrib
  rake
  sinatra
  sinatra-contrib
  zeitwerk

BUNDLED WITH
   2.2.15
